GEM
  remote: https://rubygems.org/
  specs:
    actioncable (5.2.2.1)
      actionpack (= 5.2.2.1)
      nio4r (~> 2.0)
      websocket-driver (>= 0.6.1)
    actionmailer (5.2.2.1)
      actionpack (= 5.2.2.1)
      actionview (= 5.2.2.1)
      activejob (= 5.2.2.1)
      mail (~> 2.5, >= 2.5.4)
      rails-dom-testing (~> 2.0)
    actionpack (5.2.2.1)
      actionview (= 5.2.2.1)
      activesupport (= 5.2.2.1)
      rack (~> 2.0)
      rack-test (>= 0.6.3)
      rails-dom-testing (~> 2.0)
      rails-html-sanitizer (~> 1.0, >= 1.0.2)
    actionview (5.2.2.1)
      activesupport (= 5.2.2.1)
      builder (~> 3.1)
      erubi (~> 1.4)
      rails-dom-testing (~> 2.0)
      rails-html-sanitizer (~> 1.0, >= 1.0.3)
    activejob (5.2.2.1)
      activesupport (= 5.2.2.1)
      globalid (>= 0.3.6)
    activemodel (5.2.2.1)
      activesupport (= 5.2.2.1)
    activerecord (5.2.2.1)
      activemodel (= 5.2.2.1)
      activesupport (= 5.2.2.1)
      arel (>= 9.0)
    activestorage (5.2.2.1)
      actionpack (= 5.2.2.1)
      activerecord (= 5.2.2.1)
      marcel (~> 0.3.1)
    activesupport (5.2.2.1)
      concurrent-ruby (~> 1.0, >= 1.0.2)
      i18n (>= 0.7, < 2)
      minitest (~> 5.1)
      tzinfo (~> 1.1)
    addressable (2.6.0)
      public_suffix (>= 2.0.2, < 4.0)
    annotate (2.7.4)
      activerecord (>= 3.2, < 6.0)
      rake (>= 10.4, < 13.0)
    arel (9.0.0)
    ast (2.4.0)
    bootsnap (1.4.1)
      msgpack (~> 1.0)
    builder (3.2.3)
    byebug (11.0.1)
    concurrent-ruby (1.1.5)
    connection_pool (2.2.2)
    crass (1.0.4)
    debase (0.2.2)
      debase-ruby_core_source (>= 0.10.2)
    debase-ruby_core_source (0.10.4)
    declarative (0.0.10)
    declarative-option (0.1.0)
    diff-lcs (1.3)
    dotenv (2.7.2)
    dotenv-rails (2.7.2)
      dotenv (= 2.7.2)
      railties (>= 3.2, < 6.1)
    erubi (1.8.0)
    factory_bot (5.0.2)
      activesupport (>= 4.2.0)
    factory_bot_rails (5.0.1)
      factory_bot (~> 5.0.0)
      railties (>= 4.2.0)
    faraday (0.15.4)
      multipart-post (>= 1.2, < 3)
    ffi (1.10.0)
    globalid (0.4.2)
      activesupport (>= 4.2.0)
    google-api-client (0.28.7)
      addressable (~> 2.5, >= 2.5.1)
      googleauth (>= 0.5, < 0.10.0)
      httpclient (>= 2.8.1, < 3.0)
      mime-types (~> 3.0)
      representable (~> 3.0)
      retriable (>= 2.0, < 4.0)
      signet (~> 0.10)
    googleauth (0.8.1)
      faraday (~> 0.12)
      jwt (>= 1.4, < 3.0)
      memoist (~> 0.16)
      multi_json (~> 1.11)
      os (>= 0.9, < 2.0)
      signet (~> 0.7)
    graphql (1.9.4)
    graphql_rails (0.5.1)
      activesupport (>= 4)
      graphql (~> 1)
    httpclient (2.8.3)
    i18n (1.6.0)
      concurrent-ruby (~> 1.0)
    jaro_winkler (1.5.2)
    jwt (2.1.0)
    listen (3.1.5)
      rb-fsevent (~> 0.9, >= 0.9.4)
      rb-inotify (~> 0.9, >= 0.9.7)
      ruby_dep (~> 1.2)
    loofah (2.2.3)
      crass (~> 1.0.2)
      nokogiri (>= 1.5.9)
    mail (2.7.1)
      mini_mime (>= 0.1.1)
    marcel (0.3.3)
      mimemagic (~> 0.3.2)
    memoist (0.16.0)
    method_source (0.9.2)
    mime-types (3.2.2)
      mime-types-data (~> 3.2015)
    mime-types-data (3.2019.0331)
    mimemagic (0.3.3)
    mini_mime (1.0.1)
    mini_portile2 (2.4.0)
    minitest (5.11.3)
    msgpack (1.2.9)
    multi_json (1.13.1)
    multipart-post (2.0.0)
    mysql2 (0.5.2)
    nio4r (2.3.1)
    nokogiri (1.10.2)
      mini_portile2 (~> 2.4.0)
    os (1.0.0)
    parallel (1.15.0)
    parser (2.6.2.0)
      ast (~> 2.4.0)
    psych (3.1.0)
    public_suffix (3.0.3)
    puma (3.12.1)
    rack (2.0.6)
    rack-protection (2.0.5)
      rack
    rack-test (1.1.0)
      rack (>= 1.0, < 3)
    rails (5.2.2.1)
      actioncable (= 5.2.2.1)
      actionmailer (= 5.2.2.1)
      actionpack (= 5.2.2.1)
      actionview (= 5.2.2.1)
      activejob (= 5.2.2.1)
      activemodel (= 5.2.2.1)
      activerecord (= 5.2.2.1)
      activestorage (= 5.2.2.1)
      activesupport (= 5.2.2.1)
      bundler (>= 1.3.0)
      railties (= 5.2.2.1)
      sprockets-rails (>= 2.0.0)
    rails-dom-testing (2.0.3)
      activesupport (>= 4.2.0)
      nokogiri (>= 1.6)
    rails-html-sanitizer (1.0.4)
      loofah (~> 2.2, >= 2.2.2)
    railties (5.2.2.1)
      actionpack (= 5.2.2.1)
      activesupport (= 5.2.2.1)
      method_source
      rake (>= 0.8.7)
      thor (>= 0.19.0, < 2.0)
    rainbow (3.0.0)
    rake (12.3.2)
    rb-fsevent (0.10.3)
    rb-inotify (0.10.0)
      ffi (~> 1.0)
    redis (4.1.0)
    representable (3.0.4)
      declarative (< 0.1.0)
      declarative-option (< 0.2.0)
      uber (< 0.2.0)
    retriable (3.1.2)
    rspec-core (3.8.0)
      rspec-support (~> 3.8.0)
    rspec-expectations (3.8.2)
      diff-lcs (>= 1.2.0, < 2.0)
      rspec-support (~> 3.8.0)
    rspec-mocks (3.8.0)
      diff-lcs (>= 1.2.0, < 2.0)
      rspec-support (~> 3.8.0)
    rspec-rails (3.8.2)
      actionpack (>= 3.0)
      activesupport (>= 3.0)
      railties (>= 3.0)
      rspec-core (~> 3.8.0)
      rspec-expectations (~> 3.8.0)
      rspec-mocks (~> 3.8.0)
      rspec-support (~> 3.8.0)
    rspec-support (3.8.0)
    rspec_junit_formatter (0.4.1)
      rspec-core (>= 2, < 4, != 2.12.0)
    rubocop (0.66.0)
      jaro_winkler (~> 1.5.1)
      parallel (~> 1.10)
      parser (>= 2.5, != 2.5.1.1)
      psych (>= 3.1.0)
      rainbow (>= 2.2.2, < 4.0)
      ruby-progressbar (~> 1.7)
      unicode-display_width (>= 1.4.0, < 1.6)
    rubocop-inflector (0.1.1)
      activesupport
      rubocop
      rubocop-rspec
    rubocop-performance (1.0.0)
      rubocop (>= 0.58.0)
    rubocop-rspec (1.32.0)
      rubocop (>= 0.60.0)
    ruby-debug-ide (0.6.1)
      rake (>= 0.8.1)
    ruby-progressbar (1.10.0)
    ruby_dep (1.5.0)
    sidekiq (5.2.6)
      connection_pool (~> 2.2, >= 2.2.2)
      rack (>= 1.5.0)
      rack-protection (>= 1.5.0)
      redis (>= 3.3.5, < 5)
    signet (0.11.0)
      addressable (~> 2.3)
      faraday (~> 0.9)
      jwt (>= 1.5, < 3.0)
      multi_json (~> 1.10)
    spring (2.0.2)
      activesupport (>= 4.2)
    spring-watcher-listen (2.0.1)
      listen (>= 2.7, < 4.0)
      spring (>= 1.2, < 3.0)
    sprockets (3.7.2)
      concurrent-ruby (~> 1.0)
      rack (> 1, < 3)
    sprockets-rails (3.2.1)
      actionpack (>= 4.0)
      activesupport (>= 4.0)
      sprockets (>= 3.0.0)
    thor (0.20.3)
    thread_safe (0.3.6)
    tzinfo (1.2.5)
      thread_safe (~> 0.1)
    uber (0.1.0)
    unicode-display_width (1.5.0)
    websocket-driver (0.7.0)
      websocket-extensions (>= 0.1.0)
    websocket-extensions (0.1.3)

PLATFORMS
  ruby

DEPENDENCIES
  annotate
  bootsnap (>= 1.1.0)
  byebug
  debase
  dotenv-rails
  factory_bot_rails
  google-api-client (~> 0.11)
  graphql_rails
  listen (>= 3.0.5, < 3.2)
  mysql2 (>= 0.4.4, < 0.6.0)
  puma (~> 3.11)
  rails (~> 5.2.2, >= 5.2.2.1)
  rspec-rails (~> 3.8)
  rspec_junit_formatter
  rubocop
  rubocop-inflector
  rubocop-performance
  rubocop-rspec
  ruby-debug-ide
  sidekiq
  spring
  spring-watcher-listen (~> 2.0.0)
  tzinfo-data

RUBY VERSION
   ruby 2.6.3p62

BUNDLED WITH
   1.17.3
